GEM
  remote: https://rubygems.org/
  specs:
    activesupport (7.0.4.3)
      concurrent-ruby (~> 1.0, >= 1.0.2)
      i18n (>= 1.6, < 2)
      minitest (>= 5.1)
      tzinfo (~> 2.0)
    addressable (2.8.1)
      public_suffix (>= 2.0.2, < 6.0)
    ast (2.4.2)
    aws-eventstream (1.2.0)
    aws-sigv4 (1.5.2)
      aws-eventstream (~> 1, >= 1.0.2)
    colored2 (3.1.2)
    concurrent-ruby (1.2.2)
    confidante (0.28.0)
      activesupport (>= 4)
      hiera (~> 3.3)
      shikashi (~> 0.6)
      vault (~> 0.17)
    down (5.4.0)
      addressable (~> 2.8)
    evalhook (0.6.0)
      partialruby (~> 0.3)
      sexp_processor (~> 4.0)
    getsource (0.2.2)
    hamster (3.0.0)
      concurrent-ruby (~> 1.0)
    hiera (3.11.0)
    i18n (1.12.0)
      concurrent-ruby (~> 1.0)
    immutable-struct (2.4.1)
    json (2.6.3)
    lino (3.1.0)
      hamster (~> 3.0)
      open4 (~> 1.3)
    minitar (0.9)
    minitest (5.18.0)
    open4 (1.3.4)
    parallel (1.22.1)
    parser (3.1.3.0)
      ast (~> 2.4.1)
    partialruby (0.3.0)
      ruby2ruby (~> 2)
      ruby_parser (~> 3)
    public_suffix (5.0.1)
    rainbow (3.1.1)
    rake (13.0.6)
    rake_dependencies (3.5.0)
      down (~> 5.3)
      hamster (~> 3.0)
      minitar (~> 0.9)
      rake_factory (~> 0.23)
      rubyzip (>= 1.3)
    rake_easy_rsa (0.13.0)
      rake_dependencies (~> 3.1)
      rake_factory (~> 0.23)
      ruby_easy_rsa (~> 0.7)
      semantic (~> 1.6)
    rake_factory (0.31.0)
      activesupport (>= 4)
      rake (~> 13.0)
    rake_gpg (0.18.0)
      rake_factory (~> 0.23)
      ruby_gpg2 (~> 0.6)
    rake_ssh (0.8.0)
      colored2 (~> 3.1)
      rake_factory (~> 0.23)
      sshkey (~> 2.0)
    rake_template (0.6.0)
      rake_factory (~> 0.23)
    rake_terraform (1.23.0)
      colored2 (~> 3.1)
      rake_dependencies (~> 3.1)
      rake_factory (~> 0.23)
      ruby-terraform (~> 1.4)
    regexp_parser (2.6.1)
    rexml (3.2.5)
    rubocop (1.42.0)
      json (~> 2.3)
      parallel (~> 1.10)
      parser (>= 3.1.2.1)
      rainbow (>= 2.2.2, < 4.0)
      regexp_parser (>= 1.8, < 3.0)
      rexml (>= 3.2.5, < 4.0)
      rubocop-ast (>= 1.24.1, < 2.0)
      ruby-progressbar (~> 1.7)
      unicode-display_width (>= 1.4.0, < 3.0)
    rubocop-ast (1.24.1)
      parser (>= 3.1.1.0)
    rubocop-rake (0.6.0)
      rubocop (~> 1.0)
    ruby-progressbar (1.11.0)
    ruby-terraform (1.7.0)
      immutable-struct (~> 2.4)
      lino (~> 3.0)
    ruby2ruby (2.5.0)
      ruby_parser (~> 3.1)
      sexp_processor (~> 4.6)
    ruby_easy_rsa (0.11.0)
      lino (~> 3.0)
    ruby_gpg2 (0.10.0)
      lino (~> 3.0)
    ruby_parser (3.19.2)
      sexp_processor (~> 4.16)
    rubyzip (2.3.2)
    semantic (1.6.1)
    sexp_processor (4.16.1)
    shikashi (0.6.0)
      evalhook (>= 0.6.0)
      getsource (>= 0.1.0)
    sshkey (2.0.0)
    tzinfo (2.0.6)
      concurrent-ruby (~> 1.0)
    unicode-display_width (2.3.0)
    vault (0.17.0)
      aws-sigv4

PLATFORMS
  arm64-darwin-21
  ruby
  x86_64-darwin-19

DEPENDENCIES
  confidante
  rake
  rake_easy_rsa
  rake_gpg
  rake_ssh
  rake_template
  rake_terraform
  rubocop
  rubocop-rake
  semantic

BUNDLED WITH
   2.3.9
