GEM
  remote: https://rubygems.org/
  specs:
    activesupport (7.0.2.3)
      concurrent-ruby (~> 1.0, >= 1.0.2)
      i18n (>= 1.6, < 2)
      minitest (>= 5.1)
      tzinfo (~> 2.0)
    colored2 (3.1.2)
    concurrent-ruby (1.1.9)
    confidante (0.27.0)
      activesupport (>= 4)
      hiera (~> 3.3, >= 3.3.1)
      shikashi (~> 0.6)
    evalhook (0.6.0)
      partialruby (~> 0.3)
      sexp_processor (~> 4.0)
    getsource (0.2.2)
    hamster (3.0.0)
      concurrent-ruby (~> 1.0)
    hiera (3.8.0)
    i18n (1.10.0)
      concurrent-ruby (~> 1.0)
    immutable-struct (2.4.1)
    lino (3.0.0)
      hamster (~> 3.0)
      open4 (~> 1.3)
    minitar (0.9)
    minitest (5.15.0)
    open4 (1.3.4)
    partialruby (0.3.0)
      ruby2ruby (~> 2)
      ruby_parser (~> 3)
    rake (13.0.6)
    rake_dependencies (2.11.0)
      hamster (~> 3.0)
      minitar (~> 0.9)
      rake_factory (~> 0.23)
      rubyzip (>= 1.3)
    rake_easy_rsa (0.9.0)
      rake_dependencies (~> 2, < 3)
      rake_factory (>= 0.23, < 1)
      ruby_easy_rsa (>= 0.7)
      semantic (~> 1.6.1)
    rake_factory (0.29.0)
      activesupport (>= 4)
      rake (~> 13.0)
    rake_gpg (0.16.0)
      rake_factory (>= 0.23, < 1)
      ruby_gpg2 (>= 0.6, < 1)
    rake_ssh (0.6.0)
      colored2 (~> 3.1)
      rake_factory (~> 0.23)
      sshkey (~> 2.0)
    rake_template (0.4.0)
      rake_factory (~> 0.23)
    rake_terraform (1.21.0)
      colored2 (~> 3.1)
      rake_dependencies (~> 2.11)
      rake_factory (~> 0.23)
      ruby-terraform (~> 1.4)
    ruby-terraform (1.4.0)
      immutable-struct (~> 2.4)
      lino (~> 3.0)
    ruby2ruby (2.4.4)
      ruby_parser (~> 3.1)
      sexp_processor (~> 4.6)
    ruby_easy_rsa (0.9.0)
      lino (>= 1.5)
    ruby_gpg2 (0.8.0)
      lino (>= 1.5)
    ruby_parser (3.18.1)
      sexp_processor (~> 4.16)
    rubyzip (2.3.2)
    semantic (1.6.1)
    sexp_processor (4.16.0)
    shikashi (0.6.0)
      evalhook (>= 0.6.0)
      getsource (>= 0.1.0)
    sshkey (2.0.0)
    tzinfo (2.0.4)
      concurrent-ruby (~> 1.0)

PLATFORMS
  arm64-darwin-21
  ruby
  x86_64-darwin-19

DEPENDENCIES
  confidante
  rake
  rake_easy_rsa
  rake_gpg
  rake_ssh
  rake_template
  rake_terraform
  semantic

BUNDLED WITH
   2.3.9
